PATH
  remote: .
  specs:
    magistrate (0.1.0)
      json

GEM
  remote: http://rubygems.org/
  specs:
    addressable (2.2.6)
    crack (0.1.8)
    diff-lcs (1.1.2)
    fakefs (0.2.1)
    hpricot (0.8.2)
    json (1.5.3)
    mustache (0.11.2)
    rake (0.9.2)
    rcov (0.9.8)
    rdiscount (1.6.5)
    ronn (0.7.3)
      hpricot (>= 0.8.2)
      mustache (>= 0.7.0)
      rdiscount (>= 1.5.8)
    rr (1.0.2)
    rspec (2.6.0)
      rspec-core (~> 2.6.0)
      rspec-expectations (~> 2.6.0)
      rspec-mocks (~> 2.6.0)
    rspec-core (2.6.4)
    rspec-expectations (2.6.0)
      diff-lcs (~> 1.1.2)
    rspec-mocks (2.6.0)
    webmock (1.6.4)
      addressable (~> 2.2, > 2.2.5)
      crack (>= 0.1.7)

PLATFORMS
  ruby

DEPENDENCIES
  fakefs (~> 0.2.1)
  magistrate!
  rake
  rcov (~> 0.9.8)
  ronn
  rr (~> 1.0.2)
  rspec (~> 2.6.0)
  webmock (~> 1.6.4)
